GIT
  remote: https://github.com/friedenberg/jekyll-footnotes.git
  revision: a7afbe8e43ee647d6cd75e19bbe302466b67eb3a
  ref: a7afbe8
  specs:
    jekyll-footnotes (0.7.0)

GEM
  remote: https://rubygems.org/
  specs:
    colorator (0.1)
    ffi (1.9.10)
    growl (1.0.3)
    jekyll (3.1.3)
      colorator (~> 0.1)
      jekyll-sass-converter (~> 1.0)
      jekyll-watch (~> 1.1)
      kramdown (~> 1.3)
      liquid (~> 3.0)
      mercenary (~> 0.3.3)
      rouge (~> 1.7)
      safe_yaml (~> 1.0)
    jekyll-docs (2.5.3)
    jekyll-paginate (1.1.0)
    jekyll-redirect-from (0.10.0)
      jekyll (>= 2.0)
    jekyll-sass-converter (1.4.0)
      sass (~> 3.4)
    jekyll-srcset (0.1.3)
      jekyll (> 2)
      rmagick
    jekyll-watch (1.4.0)
      listen (~> 3.0, < 3.1)
    kramdown (1.11.1)
    liquid (3.0.6)
    listen (3.0.7)
      rb-fsevent (>= 0.9.3)
      rb-inotify (>= 0.9.7)
    mercenary (0.3.6)
    rb-fsevent (0.9.7)
    rb-inotify (0.9.7)
      ffi (>= 0.5.0)
    rmagick (2.15.4)
    rouge (1.10.1)
    safe_yaml (1.0.4)
    sass (3.4.22)

PLATFORMS
  ruby

DEPENDENCIES
  growl
  jekyll (~> 3.1.3)
  jekyll-docs
  jekyll-footnotes!
  jekyll-paginate
  jekyll-redirect-from
  jekyll-srcset

BUNDLED WITH
   1.10.6
